PATH
  remote: .
  specs:
    number_guess_game (0.1.0)

GEM
  remote: https://rubygems.org/
  specs:
    minitest (5.14.0)
    rake (12.3.2)

PLATFORMS
  ruby

DEPENDENCIES
  minitest (~> 5.0)
  number_guess_game!
  rake (~> 12.0)

BUNDLED WITH
   2.1.4
